FRAMEWORK: >= NET45
NUGET
  remote: https://www.nuget.org/api/v2
  specs:
    CommandLineParser (1.9.71)
    Kayak (0.7.2)
    LibLog (4.2.4)
    Microsoft.Tpl.Dataflow (4.5.24)
    murmurhash (1.0.0)
    NSubstitute (1.9.2)
    Polly (3.0.0)
    Serilog (1.5.14)
    Serilog.Sinks.Literate (1.2.0)
      Serilog (>= 1.5.7 < 2.0)
    Shouldly (2.6.0)
    SimpleJson (0.38.0)
    StatsdCsharpClient (1.3.0)
    TinyIoC (1.3)
    Topshelf (3.3.1)
    xunit (2.1.0)
      xunit.assert (2.1.0)
      xunit.core (2.1.0)
    xunit.abstractions (2.0.0)
    xunit.assert (2.1.0)
    xunit.core (2.1.0)
      xunit.extensibility.core (2.1.0)
      xunit.extensibility.execution (2.1.0)
    xunit.extensibility.core (2.1.0)
      xunit.abstractions (2.0.0)
    xunit.extensibility.execution (2.1.0)
      xunit.extensibility.core (2.1.0)
    xunit.runner.visualstudio (2.1.0)
