FRAMEWORK: >= NET452
NUGET
  remote: https://www.nuget.org/api/v2
    CommandLineParser (1.9.71)
    Kayak (0.7.2)
    LibLog (4.2.5)
    Microsoft.Tpl.Dataflow (4.5.24)
    murmurhash (1.0)
    NSubstitute (1.10)
    Polly (4.2.4)
    Serilog (1.5.14)
    Serilog.Sinks.Literate (1.2)
      Serilog (>= 1.5.7 < 2.0)
    Shouldly (2.8)
    SimpleJson (0.38)
    StatsdCsharpClient (1.3)
    TinyIoC (1.3)
    Topshelf (4.0.1)
    xunit (2.1)
      xunit.assert (2.1)
      xunit.core (2.1)
    xunit.abstractions (2.0)
    xunit.assert (2.1)
    xunit.core (2.1)
      xunit.extensibility.core (2.1)
      xunit.extensibility.execution (2.1)
    xunit.extensibility.core (2.1)
      xunit.abstractions (2.0)
    xunit.extensibility.execution (2.1)
      xunit.extensibility.core (2.1)
    xunit.runner.visualstudio (2.1)
