RESTRICTION: == net452
NUGET
  remote: https://www.nuget.org/api/v2
    Castle.Core (4.2.1)
    CommandLineParser (1.9.71)
    Kayak (0.7.2)
    LibLog (4.2.6)
    Microsoft.NETCore.Platforms (2.0)
    murmurhash (1.0.2)
    NETStandard.Library (2.0.1)
      Microsoft.NETCore.Platforms (>= 1.1)
      System.Runtime.InteropServices.RuntimeInformation (>= 4.3)
    NSubstitute (3.1)
      Castle.Core (>= 4.2)
      System.Threading.Tasks.Extensions (>= 4.3)
    Polly (5.5)
    Serilog (2.5)
    Serilog.Enrichers.Environment (2.1.2)
      Serilog (>= 2.0)
    Serilog.Enrichers.Process (2.0.1)
      Serilog (>= 2.0)
    Serilog.Enrichers.Thread (3.0)
      Serilog (>= 2.0)
    Serilog.Sinks.Console (3.1.1)
      Serilog (>= 2.5)
    Serilog.Sinks.File (4.0)
      Serilog (>= 2.5)
    Shouldly (2.8.3)
    SimpleJson (0.38)
    StatsdCsharpClient (1.4.6)
    System.Collections (4.3)
    System.Dynamic.Runtime (4.3)
    System.Runtime (4.3)
    System.Runtime.InteropServices.RuntimeInformation (4.3)
    System.Threading.Tasks (4.3)
    System.Threading.Tasks.Dataflow (4.8)
      NETStandard.Library (>= 1.6.1)
      System.Dynamic.Runtime (>= 4.3)
    System.Threading.Tasks.Extensions (4.4)
      System.Collections (>= 4.3)
      System.Runtime (>= 4.3)
      System.Threading.Tasks (>= 4.3)
    TinyIoC (1.3)
    Topshelf (4.0.3)
    xunit (2.3.1)
      xunit.analyzers (>= 0.7)
      xunit.assert (2.3.1)
      xunit.core (2.3.1)
    xunit.abstractions (2.0.1)
    xunit.analyzers (0.7)
    xunit.assert (2.3.1)
    xunit.core (2.3.1)
      xunit.extensibility.core (2.3.1)
      xunit.extensibility.execution (2.3.1)
    xunit.extensibility.core (2.3.1)
      xunit.abstractions (>= 2.0.1)
    xunit.extensibility.execution (2.3.1)
      xunit.extensibility.core (2.3.1)
    xunit.runner.visualstudio (2.3.1)
