FRAMEWORK: NET452
NUGET
  remote: https://www.nuget.org/api/v2
    CommandLineParser (1.9.71)
    Kayak (0.7.2)
    LibLog (4.2.6)
    murmurhash (1.0)
    NSubstitute (2.0.3)
    Polly (5.1)
    Serilog (2.4)
    Serilog.Enrichers.Environment (2.1.2)
      Serilog (>= 2.0)
    Serilog.Enrichers.Process (2.0.1)
      Serilog (>= 2.0)
    Serilog.Enrichers.Thread (3.0)
      Serilog (>= 2.0)
    Serilog.Sinks.File (3.2)
      Serilog (>= 2.3)
    Serilog.Sinks.Literate (2.1)
      Serilog (>= 2.0)
    Shouldly (2.8.2)
    SimpleJson (0.38)
    StatsdCsharpClient (1.4.6)
    System.Threading.Tasks.Dataflow (4.7)
    TinyIoC (1.3)
    Topshelf (4.0.3)
    xunit (2.2)
      xunit.assert (2.2)
      xunit.core (2.2)
    xunit.abstractions (2.0.1)
    xunit.assert (2.2)
    xunit.core (2.2)
      xunit.extensibility.core (2.2)
      xunit.extensibility.execution (2.2)
    xunit.extensibility.core (2.2)
      xunit.abstractions (>= 2.0.1)
    xunit.extensibility.execution (2.2)
      xunit.extensibility.core (2.2)
    xunit.runner.visualstudio (2.2)
